GIT
  remote: git@github.com:pusher/stagger-ruby-em.git
  revision: f230f1602e7e268baaaa4dfec884a6cb06ab4973
  branch: master
  specs:
    stagger (0.0.1)
      em-zeromq (~> 0.4.2)
      msgpack

GEM
  remote: https://rubygems.org/
  specs:
    em-zeromq (0.4.2)
      eventmachine (>= 1.0.0)
      ffi (>= 1.0.0)
      ffi-rzmq (~> 1.0.1)
    eventmachine (1.0.3)
    ffi (1.9.3)
    ffi-rzmq (1.0.3)
      ffi
    msgpack (0.5.8)

PLATFORMS
  ruby

DEPENDENCIES
  stagger!
