GEM
  specs:
    em-zeromq (0.4.1)
      eventmachine (>= 1.0.0)
      ffi (>= 1.0.0)
      ffi-rzmq (= 0.9.7)
    eventmachine (1.0.3)
    ffi (1.3.1)
    ffi-rzmq (0.9.7)
      ffi
    msgpack (0.5.1)

PLATFORMS
  ruby

DEPENDENCIES
  em-zeromq
  msgpack
